GEM
  remote: https://rubygems.org/
  specs:
    addressable (2.8.6)
      public_suffix (>= 2.0.2, < 6.0)
    curb (1.0.5)
    kramdown (2.4.0)
      rexml
    kramdown-asciidoc (2.1.0)
      kramdown (~> 2.4.0)
      kramdown-parser-gfm (~> 1.1.0)
      rexml (~> 3.2.0)
    kramdown-parser-gfm (1.1.0)
      kramdown (~> 2.0)
    nokogiri (1.15.5-arm64-darwin)
      racc (~> 1.4)
    prettier_print (1.2.1)
    public_suffix (5.0.4)
    racc (1.7.3)
    redcarpet (3.6.0)
    rexml (3.2.6)
    syntax_tree (6.2.0)
      prettier_print (>= 1.2.0)

PLATFORMS
  arm64-darwin-22

DEPENDENCIES
  addressable (~> 2.8, >= 2.8.6)
  curb (~> 1.0, >= 1.0.5)
  kramdown (~> 2.4.0)
  kramdown-asciidoc (~> 2.1.0)
  nokogiri (~> 1.15, >= 1.15.4)
  redcarpet (~> 3.6)
  syntax_tree (~> 6.2)

BUNDLED WITH
   2.4.22
