GEM
  remote: https://rubygems.org/
  specs:
    addressable (2.6.0)
      public_suffix (>= 2.0.2, < 4.0)
    asciidoctor (1.5.8)
    asciidoctor-epub3 (1.5.0.alpha.8)
      asciidoctor (~> 1.5.0)
      gepub (~> 0.6.9.2)
      thread_safe (~> 0.3.6)
    curb (0.9.9)
    gepub (0.6.9.2)
      nokogiri (~> 1.6.1)
      rubyzip (>= 1.1.1)
    mini_portile2 (2.1.0)
    nokogiri (1.6.8.1)
      mini_portile2 (~> 2.1.0)
    public_suffix (3.0.3)
    rubyzip (1.2.2)
    thread_safe (0.3.6)

PLATFORMS
  ruby

DEPENDENCIES
  addressable (~> 2.6.0)
  asciidoctor (~> 1.5.8)
  asciidoctor-epub3 (~> 1.5.0.alpha.8)
  curb (~> 0.9.9)
  nokogiri (~> 1.6.1)

BUNDLED WITH
   1.17.2
