GEM
  remote: https://rubygems.org/
  specs:
    addressable (2.5.2)
      public_suffix (>= 2.0.2, < 4.0)
    asciidoctor (1.5.6.1)
    curb (0.9.4)
    mini_portile2 (2.4.0)
    nokogiri (1.10.8)
      mini_portile2 (~> 2.4.0)
    public_suffix (3.0.0)

PLATFORMS
  ruby

DEPENDENCIES
  addressable (~> 2.5.2)
  asciidoctor (~> 1.5.6.1)
  curb (~> 0.9.4)
  nokogiri (~> 1.10.8)

BUNDLED WITH
   1.14.3
